GEM
  remote: http://rubygems.org/
  specs:
    addressable (2.3.2)
    ansi (1.4.3)
    awesome_print (1.0.2)
    crack (0.3.1)
    domain_name (0.5.3)
      unf (~> 0.0.3)
    hpricot (0.8.6)
    httparty (0.8.3)
      multi_json (~> 1.0)
      multi_xml
    mechanize (2.5.1)
      domain_name (~> 0.5, >= 0.5.1)
      mime-types (~> 1.17, >= 1.17.2)
      net-http-digest_auth (~> 1.1, >= 1.1.1)
      net-http-persistent (~> 2.5, >= 2.5.2)
      nokogiri (~> 1.4)
      ntlm-http (~> 0.1, >= 0.1.1)
      webrobots (~> 0.0, >= 0.0.9)
    mime-types (1.19)
    minitest (3.3.0)
    multi_json (1.3.6)
    multi_xml (0.5.1)
    net-http-digest_auth (1.2.1)
    net-http-persistent (2.7)
    nokogiri (1.5.5)
    ntlm-http (0.1.1)
    rainbow (1.1.4)
    rake (0.9.2.2)
    turn (0.9.6)
      ansi
    unf (0.0.5)
      unf_ext
    unf_ext (0.0.5)
    vcr (2.2.4)
    webmock (1.8.9)
      addressable (>= 2.2.7)
      crack (>= 0.1.7)
    webrobots (0.0.13)

PLATFORMS
  ruby

DEPENDENCIES
  awesome_print
  hpricot
  httparty
  mechanize
  minitest
  rainbow
  rake
  turn
  vcr
  webmock
